GEM
  remote: https://rubygems.org/
  specs:
    foreman (0.87.2)
    mini_portile2 (2.8.2)
    multi_json (1.15.0)
    mustermann (3.0.0)
      ruby2_keywords (~> 0.0.1)
    rack (2.2.7)
    rack-protection (3.0.6)
      rack
    ruby2_keywords (0.0.5)
    sequel (5.68.0)
    sinatra (3.0.6)
      mustermann (~> 3.0)
      rack (~> 2.2, >= 2.2.4)
      rack-protection (= 3.0.6)
      tilt (~> 2.0)
    sinatra-contrib (3.0.6)
      multi_json
      mustermann (~> 3.0)
      rack-protection (= 3.0.6)
      sinatra (= 3.0.6)
      tilt (~> 2.0)
    sqlite3 (1.6.2)
      mini_portile2 (~> 2.8.0)
    tilt (2.1.0)

PLATFORMS
  ruby

DEPENDENCIES
  foreman
  sequel
  sinatra
  sinatra-contrib
  sqlite3

BUNDLED WITH
   2.1.4
